GEM
  remote: https://rubygems.org/
  specs:
    coderay (1.1.1)
    geocoder (1.3.1)
    method_source (0.8.2)
    oj (2.14.6)
    pry (0.10.3)
      coderay (~> 1.1.0)
      method_source (~> 0.8.1)
      slop (~> 3.4)
    slop (3.6.0)
    trollop (2.1.2)

PLATFORMS
  ruby

DEPENDENCIES
  geocoder
  oj
  pry
  trollop

BUNDLED WITH
   1.11.2
